GEM
  remote: http://rubygems.org/
  specs:
    daemons (1.1.3)
    eventmachine (0.12.10)
    json (1.5.3)
    minitest (2.3.1)
    rack (1.3.0)
    rack-test (0.5.7)
      rack (>= 1.0)
    sinatra (1.2.6)
      rack (~> 1.1)
      tilt (< 2.0, >= 1.2.2)
    thin (1.2.11)
      daemons (>= 1.0.9)
      eventmachine (>= 0.12.6)
      rack (>= 1.0.0)
    tilt (1.3.1)

PLATFORMS
  ruby

DEPENDENCIES
  json
  minitest
  rack-test
  sinatra
  thin
